GEM
  remote: https://rubygems.org/
  specs:
    byebug (11.1.1)
    rgeo (2.1.1)
    rgeo-geojson (2.1.1)
      rgeo (>= 1.0.0)
    rgeo-proj4 (2.0.0)
      rgeo (~> 2.0)

PLATFORMS
  ruby

DEPENDENCIES
  byebug
  rgeo
  rgeo-geojson
  rgeo-proj4

BUNDLED WITH
   2.1.4
