GEM
  remote: https://rubygems.org/
  specs:
    rgeo (2.1.1)
    rgeo-proj4 (2.0.0)
      rgeo (~> 2.0)

PLATFORMS
  ruby

DEPENDENCIES
  rgeo
  rgeo-proj4

BUNDLED WITH
   2.1.4
